PATH
  remote: .
  specs:
    testing_xss (0.3.0)

GEM
  remote: https://rubygems.org/
  specs:
    minitest (5.19.0)
    rake (13.0.6)

PLATFORMS
  x86_64-linux

DEPENDENCIES
  minitest (~> 5.0)
  rake (~> 13.0)
  testing_xss!

BUNDLED WITH
   2.4.13
